GEM
  remote: https://rubygems.org/
  specs:
    colorize (0.8.1)
    hashie (3.4.4)
    mini_portile2 (2.4.0)
    nokogiri (1.10.10)
      mini_portile2 (~> 2.4.0)

PLATFORMS
  ruby

DEPENDENCIES
  colorize (= 0.8.1)
  hashie (= 3.4.4)
  nokogiri

BUNDLED WITH
   1.12.5
