GEM
  remote: https://rubygems.org/
  specs:
    colorize (0.8.1)
    hashie (3.4.4)
    mini_portile2 (2.1.0)
    nokogiri (1.6.8)
      mini_portile2 (~> 2.1.0)
      pkg-config (~> 1.1.7)
    pkg-config (1.1.7)

PLATFORMS
  ruby

DEPENDENCIES
  colorize (= 0.8.1)
  hashie (= 3.4.4)
  nokogiri

BUNDLED WITH
   1.12.5
